GEM
  remote: https://rubygems.org/
  specs:
    ast (2.3.0)
    axiom-types (0.1.1)
      descendants_tracker (~> 0.0.4)
      ice_nine (~> 0.11.0)
      thread_safe (~> 0.3, >= 0.3.1)
    bundler-audit (0.5.0)
      bundler (~> 1.2)
      thor (~> 0.18)
    codeclimate-engine-rb (0.4.0)
      virtus (~> 1.0)
    coercible (1.0.0)
      descendants_tracker (~> 0.0.1)
    coveralls (0.8.19)
      json (>= 1.8, < 3)
      simplecov (~> 0.12.0)
      term-ansicolor (~> 1.3)
      thor (~> 0.19.1)
      tins (~> 1.6)
    descendants_tracker (0.0.4)
      thread_safe (~> 0.3, >= 0.3.1)
    diff-lcs (1.3)
    docile (1.1.5)
    equalizer (0.0.11)
    highline (1.7.8)
    hoe (3.16.0)
      rake (>= 0.8, < 13.0)
    hoe-bundler (1.3.0)
      hoe (>= 2.2.0)
    hoe-doofus (1.0.0)
    hoe-git (1.6.0)
    hoe-highline (0.2.1)
      highline (~> 1.6)
      hoe (~> 3.11)
    hoe-manns (1.6.2)
      bundler-audit (~> 0.5)
      parseconfig (~> 1.0)
      rainbow (~> 2.2)
    hoe-rubygems (1.0.0)
    hoe-seattlerb (1.3.5)
    hoe-version (1.2.0)
    ice_nine (0.11.2)
    json (2.0.3)
    parseconfig (1.0.8)
    parser (2.4.0.0)
      ast (~> 2.2)
    rainbow (2.2.1)
    rake (11.3.0)
    rdoc (4.3.0)
    reek (4.5.6)
      codeclimate-engine-rb (~> 0.4.0)
      parser (>= 2.3.1.2, < 2.5)
      rainbow (~> 2.0)
    rspec (3.5.0)
      rspec-core (~> 3.5.0)
      rspec-expectations (~> 3.5.0)
      rspec-mocks (~> 3.5.0)
    rspec-core (3.5.4)
      rspec-support (~> 3.5.0)
    rspec-expectations (3.5.0)
      diff-lcs (>= 1.2.0, < 2.0)
      rspec-support (~> 3.5.0)
    rspec-mocks (3.5.0)
      diff-lcs (>= 1.2.0, < 2.0)
      rspec-support (~> 3.5.0)
    rspec-support (3.5.0)
    simplecov (0.12.0)
      docile (~> 1.1.0)
      json (>= 1.8, < 3)
      simplecov-html (~> 0.10.0)
    simplecov-html (0.10.0)
    term-ansicolor (1.4.0)
      tins (~> 1.0)
    thor (0.19.4)
    thread_safe (0.3.6)
    tins (1.13.2)
    virtus (1.0.5)
      axiom-types (~> 0.1)
      coercible (~> 1.0)
      descendants_tracker (~> 0.0, >= 0.0.3)
      equalizer (~> 0.0, >= 0.0.9)

PLATFORMS
  ruby

DEPENDENCIES
  bundler (~> 1.13)
  coveralls (~> 0.8)
  hoe (~> 3.16)
  hoe-bundler (~> 1.3)
  hoe-doofus (~> 1.0)
  hoe-git (~> 1.6)
  hoe-highline (~> 0.2)
  hoe-manns (~> 1.6)
  hoe-rubygems (~> 1.0)
  hoe-seattlerb (~> 1.3)
  hoe-version (~> 1.2)
  rake (~> 11.3)
  rdoc (~> 4.0)
  reek (~> 4.5)
  rspec (~> 3.5)
  simplecov (~> 0.12)

BUNDLED WITH
   1.13.6
